GEM
  remote: https://rubygems.org/
  specs:
    after_do (0.3.1)
    childprocess (0.5.5)
      ffi (~> 1.0, >= 1.0.11)
    ffi (1.9.6)
    ffi (1.9.6-java)
    ffi (1.9.6-x86-mingw32)
    furoshiki (0.2.0)
      plist
      rubyzip (>= 1.0.0)
      warbler (~> 1.4.4)
    highline (1.6.21)
    jruby-jars (1.7.16)
    jruby-rack (1.1.16)
    mini_portile (0.6.0)
    multi_json (1.10.1)
    nokogiri (1.6.3.1)
      mini_portile (= 0.6.0)
    nokogiri (1.6.3.1-java)
    nokogiri (1.6.3.1-x86-mingw32)
      mini_portile (= 0.6.0)
    plist (3.1.0)
    rake (10.3.2)
    rubyzip (1.1.6)
    selenium-webdriver (2.43.0)
      childprocess (~> 0.5)
      multi_json (~> 1.0)
      rubyzip (~> 1.0)
      websocket (~> 1.0)
    shoes (4.0.0.pre2)
      furoshiki (>= 0.1.2)
      nokogiri
      shoes-dsl (= 4.0.0.pre2)
      shoes-swt (= 4.0.0.pre2)
    shoes-dsl (4.0.0.pre2)
    shoes-swt (4.0.0.pre2)
      after_do (~> 0.3)
      furoshiki (~> 0.2.0)
      shoes-dsl (= 4.0.0.pre2)
      swt (~> 4.4)
    swt (4.4)
    warbler (1.4.4)
      jruby-jars (>= 1.5.6, < 2.0)
      jruby-rack (>= 1.0.0)
      rake (>= 0.9.6)
      rubyzip (>= 0.9, < 1.2)
    watir-webdriver (0.6.11)
      selenium-webdriver (>= 2.18.0)
    websocket (1.2.1)

PLATFORMS
  java
  ruby
  x86-mingw32

DEPENDENCIES
  highline
  shoes (~> 4.0.0.pre2)
  watir-webdriver
